GEM
  remote: http://rubygems.org/
  specs:
    abstract (1.0.0)
    activemodel (3.0.3)
      activesupport (= 3.0.3)
      builder (~> 2.1.2)
      i18n (~> 0.4)
    activerecord (3.0.3)
      activemodel (= 3.0.3)
      activesupport (= 3.0.3)
      arel (~> 2.0.2)
      tzinfo (~> 0.3.23)
    activesupport (3.0.3)
    arel (2.0.6)
    builder (2.1.2)
    diff-lcs (1.1.2)
    erubis (2.6.6)
      abstract (>= 1.0.0)
    gemstub (2.0.1)
      activesupport (>= 3.0.0)
      genosaurus
      mark_facets
      rspec (>= 2.0.0)
    genosaurus (1.2.4)
      erubis
    hashie (0.4.0)
    i18n (0.5.0)
    mark_facets (0.1.7)
      hashie
    rake (0.8.7)
    rspec (2.4.0)
      rspec-core (~> 2.4.0)
      rspec-expectations (~> 2.4.0)
      rspec-mocks (~> 2.4.0)
    rspec-core (2.4.0)
    rspec-expectations (2.4.0)
      diff-lcs (~> 1.1.2)
    rspec-mocks (2.4.0)
    sqlite3-ruby (1.3.2)
    tzinfo (0.3.23)

PLATFORMS
  ruby

DEPENDENCIES
  activerecord (>= 3.0.0)
  gemstub (>= 2.0.0)
  rake
  rspec (>= 2.0.0.beta.19)
  sqlite3-ruby
